GEM
  remote: https://rubygems.org/
  specs:
    byebug (1.8.2)
      columnize (~> 0.3.6)
      debugger-linecache (~> 1.2.0)
    columnize (0.3.6)
    debugger-linecache (1.2.0)
    rack (1.5.2)

PLATFORMS
  ruby

DEPENDENCIES
  byebug
  rack
