GEM
  remote: http://rubygems.org/
  specs:
    bacon (1.2.0)
    byebug (2.1.1)
      columnize (~> 0.3.6)
      debugger-linecache (~> 1.2.0)
    capistrano (2.15.5)
      highline
      net-scp (>= 1.0.0)
      net-sftp (>= 2.0.0)
      net-ssh (>= 2.0.14)
      net-ssh-gateway (>= 1.1.0)
    coffee-script (2.2.0)
      coffee-script-source
      execjs
    coffee-script-source (1.6.3)
    columnize (0.3.6)
    debugger-linecache (1.2.0)
    deep_merge (1.0.0)
    execjs (2.0.1)
    haml (4.0.3)
      tilt
    highline (1.6.19)
    hike (1.2.3)
    kgio (2.8.1)
    multi_json (1.8.0)
    net-scp (1.1.2)
      net-ssh (>= 2.6.5)
    net-sftp (2.1.2)
      net-ssh (>= 2.6.5)
    net-ssh (2.7.0)
    net-ssh-gateway (1.2.0)
      net-ssh (>= 2.6.5)
    rack (1.5.2)
    rack-funky-cache (0.0.6)
    rack-protection (1.5.0)
      rack
    raindrops (0.12.0)
    rake (10.1.0)
    redcarpet (3.0.0)
    sass (3.2.10)
    sequel (4.2.0)
    sinatra (1.4.3)
      rack (~> 1.4)
      rack-protection (~> 1.4)
      tilt (~> 1.3, >= 1.3.4)
    sinatra-asset-pipeline (0.2.0)
      coffee-script
      rake
      sass
      sinatra
      sprockets
      sprockets-helpers
      sprockets-sass
    sinatra-outputbuffer (0.1.0)
      sinatra (>= 1.0.a)
    sinatra-sequel (0.9.0)
      bacon
      sequel (>= 3.2.0)
      sinatra (>= 0.9.4)
    sprockets (2.10.0)
      hike (~> 1.2)
      multi_json (~> 1.0)
      rack (~> 1.0)
      tilt (~> 1.1, != 1.3.0)
    sprockets-helpers (1.0.1)
      sprockets (~> 2.0)
    sprockets-sass (1.0.1)
      sprockets (~> 2.0)
      tilt (~> 1.1)
    sqlite3 (1.3.8)
    tilt (1.4.1)
    unicorn (4.6.3)
      kgio (~> 2.6)
      rack
      raindrops (~> 0.7)

PLATFORMS
  ruby

DEPENDENCIES
  byebug
  capistrano
  deep_merge
  haml
  rack-funky-cache
  redcarpet
  sass
  sinatra
  sinatra-asset-pipeline
  sinatra-outputbuffer
  sinatra-sequel
  sqlite3
  unicorn
